PATH
  remote: .
  specs:
    question (0.1.0)
      syntax_tree (~> 6.0)
      zeitwerk (~> 2.6)

GEM
  remote: https://rubygems.org/
  specs:
    diff-lcs (1.5.0)
    prettier_print (1.2.0)
    rake (13.0.6)
    rspec (3.12.0)
      rspec-core (~> 3.12.0)
      rspec-expectations (~> 3.12.0)
      rspec-mocks (~> 3.12.0)
    rspec-core (3.12.1)
      rspec-support (~> 3.12.0)
    rspec-expectations (3.12.2)
      diff-lcs (>= 1.2.0, < 2.0)
      rspec-support (~> 3.12.0)
    rspec-mocks (3.12.3)
      diff-lcs (>= 1.2.0, < 2.0)
      rspec-support (~> 3.12.0)
    rspec-support (3.12.0)
    syntax_tree (6.0.0)
      prettier_print (>= 1.2.0)
    zeitwerk (2.6.7)

PLATFORMS
  x86_64-linux

DEPENDENCIES
  question!
  rake (~> 13.0)
  rspec (~> 3.0)

BUNDLED WITH
   2.4.4
